GEM
  remote: https://rubygems.org/
  specs:
    mini_portile2 (2.1.0)
    nokogiri (1.7.1)
      mini_portile2 (~> 2.1.0)
    open_uri_redirections (0.2.1)
    rack (2.0.1)
    slim (3.0.7)
      temple (~> 0.7.6)
      tilt (>= 1.3.3, < 2.1)
    temple (0.7.7)
    tilt (2.0.7)

PLATFORMS
  ruby

DEPENDENCIES
  nokogiri
  open_uri_redirections
  rack
  slim

RUBY VERSION
   ruby 2.3.1p112

BUNDLED WITH
   1.14.6
