GEM
  remote: https://rubygems.org/
  specs:
    mini_portile2 (2.1.0)
    nokogiri (1.7.1-x86-mingw32)
      mini_portile2 (~> 2.1.0)
    open_uri_redirections (0.2.1)
    rack (2.0.1)

PLATFORMS
  ruby
  x86-mingw32

DEPENDENCIES
  nokogiri
  open_uri_redirections
  rack

BUNDLED WITH
   1.14.6
